GEM
  remote: https://rubygems.org/
  specs:
    daemons (1.4.1)
    eventmachine (1.2.7)
    minitest (5.15.0)
    rack (2.2.3)
    rake (13.0.6)
    thin (1.8.1)
      daemons (~> 1.0, >= 1.0.9)
      eventmachine (~> 1.0, >= 1.0.4)
      rack (>= 1, < 3)

PLATFORMS
  x86_64-darwin-21

DEPENDENCIES
  minitest
  rake
  thin

BUNDLED WITH
   2.3.10
